GEM
  remote: http://rubygems.org/
  specs:
    bson (4.3.0)
    bson (4.3.0-java)
    domain_name (0.5.20180417)
      unf (>= 0.0.5, < 1.0.0)
    haversine (0.3.2)
    http-cookie (1.0.3)
      domain_name (~> 0.5)
    mime-types (3.2.2)
      mime-types-data (~> 3.2015)
    mime-types-data (3.2018.0812)
    mongo (2.6.2)
      bson (>= 4.3.0, < 5.0.0)
    mustermann (1.0.3)
    netrc (0.11.0)
    puma (3.12.0)
    puma (3.12.0-java)
    rack (2.0.8)
    rack-protection (2.0.4)
      rack
    rest-client (2.0.2)
      http-cookie (>= 1.0.2, < 2.0)
      mime-types (>= 1.16, < 4.0)
      netrc (~> 0.8)
    sinatra (2.0.4)
      mustermann (~> 1.0)
      rack (~> 2.0)
      rack-protection (= 2.0.4)
      tilt (~> 2.0)
    tilt (2.0.8)
    unf (0.1.4)
      unf_ext
    unf (0.1.4-java)
    unf_ext (0.0.7.6)

PLATFORMS
  java
  ruby

DEPENDENCIES
  haversine
  mongo
  puma
  rest-client
  sinatra

BUNDLED WITH
   1.17.1
